PATH
  remote: .
  specs:
    mortar-api-ruby (0.1.0)
      excon (~> 0.15.4)

GEM
  remote: http://rubygems.org/
  specs:
    diff-lcs (1.1.3)
    excon (0.15.4)
    rake (0.9.2.2)
    rr (1.0.4)
    rspec (2.11.0)
      rspec-core (~> 2.11.0)
      rspec-expectations (~> 2.11.0)
      rspec-mocks (~> 2.11.0)
    rspec-core (2.11.1)
    rspec-expectations (2.11.2)
      diff-lcs (~> 1.1.3)
    rspec-mocks (2.11.1)

PLATFORMS
  ruby

DEPENDENCIES
  mortar-api-ruby!
  rake
  rr
  rspec
