PATH
  remote: .
  specs:
    mortar-api-ruby (0.1.0)
      excon (~> 0.15.4)

GEM
  remote: http://rubygems.org/
  specs:
    excon (0.15.4)
    minitest (3.3.0)
    rake (0.9.2.2)

PLATFORMS
  ruby

DEPENDENCIES
  minitest
  mortar-api-ruby!
  rake
